##TITLE= Parameter file, XWIN-NMR		Version 3.6
##JCAMPDX= 5.0
##DATATYPE= Parameter Values
##ORIGIN= Bruker BioSpin GmbH
##OWNER= guest
$$ Tue Nov 27 10:35:30 2012 CET (UT+1h)  guest@nmrge400
$$ /u/data/guest/nmr/Et-KHJ-27/10/scon
##$BLKPA= (0..15)
3 3 3 3 3 3 3 3 3 3 3 3 3 3 3 3 
##$BLKTR= (0..15)
3 3 3 3 3 3 3 3 3 3 3 3 3 3 3 3 
##$DE1= 3
##$DE2= 1
##$DEADC= 3
##$DEPA= 0.5
##$DERX= 2
##$PHASP4= (0..15)
0.5 0.5 0.5 0.5 0.5 0.5 0.5 0.5 0.5 0.5 0.5 0.5 0.5 0.5 0.5 0.5 
##$PHASPR= (0..15)
4 4 4 4 4 4 4 4 4 4 4 4 4 4 4 4 
##$SHAPPR= (0..15)
1.6 1.6 1.6 1.6 1.6 1.6 1.6 1.6 1.6 1.6 1.6 1.6 1.6 1.6 1.6 1.6 
##END=
